PATH
  remote: .
  specs:
    r18n-core (0.4.13)

GEM
  remote: http://rubygems.org/
  specs:
    RedCloth (4.2.9)
    diff-lcs (1.1.3)
    maruku (0.6.0)
      syntax (>= 1.0.0)
    psych (1.2.2)
    rake (0.9.2.2)
    rspec-core (2.8.0)
    rspec-expectations (2.8.0)
      diff-lcs (~> 1.1.2)
    rspec-mocks (2.8.0)
    syntax (1.0.0)
    yard (0.7.4)

PLATFORMS
  ruby

DEPENDENCIES
  RedCloth
  bundler (>= 1.0.10)
  maruku
  psych
  r18n-core!
  rake (>= 0, != 0.9.0)
  rspec-core
  rspec-expectations
  rspec-mocks
  yard
