PATH
  remote: .
  specs:
    r18n-core (0.4.13)

GEM
  remote: http://rubygems.org/
  specs:
    RedCloth (4.2.7)
    diff-lcs (1.1.2)
    maruku (0.6.0)
      syntax (>= 1.0.0)
    psych (1.2.0)
    rake (0.8.7)
    rcov (0.9.9)
    rspec-core (2.5.1)
    rspec-expectations (2.5.0)
      diff-lcs (~> 1.1.2)
    rspec-mocks (2.5.0)
    syntax (1.0.0)
    yard (0.7.4)

PLATFORMS
  ruby

DEPENDENCIES
  RedCloth
  bundler (>= 1.0.10)
  maruku
  psych
  r18n-core!
  rake (>= 0, != 0.9.0)
  rcov
  rspec-core
  rspec-expectations
  rspec-mocks
  yard
