PATH
  remote: .
  specs:
    sinatra-r18n (0.4.9)
      r18n-core (= 0.4.9)
      sinatra (>= 0.9)

GEM
  remote: http://rubygems.org/
  specs:
    diff-lcs (1.1.2)
    haml (2.2.24)
    hanna (0.1.12)
      haml (~> 2.2.8)
      rake (~> 0.8.2)
      rdoc (~> 2.3.0)
    psych (1.2.0)
    r18n-core (0.4.9)
    rack (1.2.2)
    rack-test (0.5.7)
      rack (>= 1.0)
    rake (0.8.7)
    rcov (0.9.9)
    rdoc (2.3.0)
    rspec-core (2.5.1)
    rspec-expectations (2.5.0)
      diff-lcs (~> 1.1.2)
    rspec-mocks (2.5.0)
    sinatra (1.2.6)
      rack (~> 1.1)
      tilt (>= 1.2.2, < 2.0)
    tilt (1.3)

PLATFORMS
  ruby

DEPENDENCIES
  bundler (>= 1.0.10)
  hanna
  psych
  rack-test
  rake (!= 0.9.0, >= 0)
  rcov
  rspec-core
  rspec-expectations
  rspec-mocks
  sinatra-r18n!
