PATH
  remote: .
  specs:
    sinatra-r18n (0.4.14)
      r18n-core (= 0.4.14)
      sinatra (>= 1.3)

PATH
  remote: ../r18n-core/
  specs:
    r18n-core (0.4.14)

GEM
  remote: http://rubygems.org/
  specs:
    diff-lcs (1.1.3)
    psych (1.2.2)
    rack (1.4.1)
    rack-protection (1.2.0)
      rack
    rack-test (0.6.1)
      rack (>= 1.0)
    rake (0.9.2.2)
    rspec-core (2.8.0)
    rspec-expectations (2.8.0)
      diff-lcs (~> 1.1.2)
    rspec-mocks (2.8.0)
    sinatra (1.3.2)
      rack (~> 1.3, >= 1.3.6)
      rack-protection (~> 1.2)
      tilt (~> 1.3, >= 1.3.3)
    tilt (1.3.3)
    yard (0.7.5)

PLATFORMS
  ruby

DEPENDENCIES
  bundler (>= 1.0.10)
  psych
  r18n-core!
  rack-test
  rake (>= 0, != 0.9.0)
  rspec-core
  rspec-expectations
  rspec-mocks
  sinatra-r18n!
  yard
