PATH
  remote: .
  specs:
    r18n-rails-api (0.4.13)
      i18n
      r18n-core (= 0.4.13)

PATH
  remote: ../r18n-core/
  specs:
    r18n-core (0.4.13)

GEM
  remote: http://rubygems.org/
  specs:
    diff-lcs (1.1.2)
    i18n (0.5.0)
    psych (1.2.0)
    rake (0.8.7)
    rcov (0.9.9)
    rspec-core (2.5.1)
    rspec-expectations (2.5.0)
      diff-lcs (~> 1.1.2)
    rspec-mocks (2.5.0)
    yard (0.7.4)

PLATFORMS
  ruby

DEPENDENCIES
  bundler (>= 1.0.10)
  psych
  r18n-core!
  r18n-rails-api!
  rake (>= 0, != 0.9.0)
  rcov
  rspec-core
  rspec-expectations
  rspec-mocks
  yard
