PATH
  remote: .
  specs:
    r18n-rails-api (0.4.14)
      i18n
      r18n-core (= 0.4.14)

PATH
  remote: ../r18n-core/
  specs:
    r18n-core (0.4.14)

GEM
  remote: http://rubygems.org/
  specs:
    diff-lcs (1.1.3)
    i18n (0.6.0)
    psych (1.2.2)
    rake (0.9.2.2)
    rspec-core (2.8.0)
    rspec-expectations (2.8.0)
      diff-lcs (~> 1.1.2)
    rspec-mocks (2.8.0)
    yard (0.7.4)

PLATFORMS
  ruby

DEPENDENCIES
  bundler (>= 1.0.10)
  psych
  r18n-core!
  r18n-rails-api!
  rake (>= 0, != 0.9.0)
  rspec-core
  rspec-expectations
  rspec-mocks
  yard
